GEM
  remote: http://rubygems.org/
  specs:
    rack (1.2.1)
    rack-test (0.5.6)
      rack (>= 1.0)
    racksh (0.9.8)
      rack (>= 1.0)
      rack-test (>= 0.5)
    sinatra (1.0)
      rack (>= 1.0)

PLATFORMS
  ruby

DEPENDENCIES
  racksh
  sinatra
